##TITLE= Parameter file, TopSpin 4.3.0
##JCAMPDX= 5.0
##DATATYPE= Parameter Values
##NPOINTS= 32	$$ modification sequence number
##ORIGIN= Bruker BioSpin GmbH
##OWNER= nmrsu
$$ 2023-10-21 04:27:01.082 +0800  bee-b@LLMPC
$$ C:/Users/bee-b/Desktop/LAB02/CH971_Week_2/CH971_Week_2/NMR/1009/pdata/1/procs
$$ process C:\Bruker\TopSpin4.3.0\prog\mod\dataserver.exe
##$ABSF1= 16.16747
##$ABSF2= -3.858072
##$ABSG= 5
##$ABSL= 3
##$ALPHA= 0
##$AQORDER= 0
##$ASSFAC= 0
##$ASSFACI= 0
##$ASSFACX= 0
##$ASSWID= 0
##$AUNMP= <proc_1d>
##$AXLEFT= 0
##$AXNAME= <>
##$AXNUC= <1H>
##$AXRIGHT= 0
##$AXTYPE= 0
##$AXUNIT= <>
##$AZFE= 0.1
##$AZFW= 0.1
##$BCFW= 0
##$BC_mod= 0
##$BYTORDP= 0
##$COROFFS= 0
##$CY= 15
##$DATMOD= 1
##$DC= 0
##$DFILT= <>
##$DTYPP= 0
##$ERETIC= no
##$F1P= 16.1674709320068
##$F2P= -3.85807164203229
##$FCOR= 0
##$FTSIZE= 65536
##$FT_mod= 6
##$GAMMA= 0
##$GB= 0
##$INTBC= 1
##$INTSCL= 5.15876513167763e-10
##$ISEN= 128
##$LB= 0.3
##$LEV0= 0
##$LPBIN= 0
##$MAXI= 10000
##$MC2= 0
##$MEAN= 0
##$ME_mod= 0
##$MI= 0
##$MddCEXP= no
##$MddCT_SP= no
##$MddF180= no
##$MddLAMBDA= 0
##$MddMEMORY= 0
##$MddMERGE= 0
##$MddNCOMP= 0
##$MddNITER= 0
##$MddNOISE= 0
##$MddPHASE= 0
##$MddSEED= 0
##$MddSRSIZE= 0
##$Mdd_CsALG= 0
##$Mdd_CsLAMBDA= 0
##$Mdd_CsNITER= 0
##$Mdd_CsNORM= 0
##$Mdd_CsVE= yes
##$Mdd_CsZF= 0
##$Mdd_mod= 0
##$NCOEF= 0
##$NC_proc= -3
##$NLEV= 6
##$NOISF1= 0
##$NOISF2= 0
##$NSP= 0
##$NTH_PI= 0
##$NZP= 0
##$OFFSET= 16.16747
##$PC= 1
##$PHC0= 131.8318
##$PHC1= -23.32619
##$PH_mod= 1
##$PKNL= yes
##$PPARMOD= 0
##$PPDIAG= 0
##$PPIPTYP= 0
##$PPMPNUM= 2147483647
##$PPRESOL= 1
##$PSCAL= 0
##$PSIGN= 0
##$PYNMP= <proc.py>
##$RDF1= 0
##$RDF2= 0
##$RDFWHM= 0
##$RDINT= 0
##$RDPOS= 0
##$REVERSE= no
##$SF= 400.130008122638
##$SI= 65536
##$SIGF1= 0
##$SIGF2= 0
##$SINO= 0
##$SIOLD= 65536
##$SPECTYP= <>
##$SREF_mod= 1
##$SREGLST= <1H.CDCl3>
##$SSB= 0
##$STSI= 65536
##$STSR= 0
##$SW_p= 8012.82051281051
##$SYMM= 0
##$S_DEV= 0
##$TDeff= 65536
##$TDoff= 0
##$TI= <>
##$TILT= no
##$TM1= 0
##$TM2= 0
##$TOPLEV= 0
##$USERP1= <>
##$USERP2= <>
##$USERP3= <>
##$USERP4= <>
##$USERP5= <>
##$WDW= 1
##$XDIM= 0
##$YMAX_p= 443807339
##$YMIN_p= -376640
##END=
